NUGET
  remote: http://www.nuget.org/api/v2
    FSharp.Core (3.1.2.5)
    TaskParallelLibrary (1.0.2856)
GITHUB
  remote: fsprojects/FsUnit
    src/FsUnit.NUnit/FsUnit.fs (43086ca8981c7642c1067ad5e9de80caf73ba4ec)
    src/FsUnit.NUnit/FsUnitTyped.fs (43086ca8981c7642c1067ad5e9de80caf73ba4ec)
GROUP Benchmark
NUGET
  remote: http://www.nuget.org/api/v2
    BenchShark (1.0)
    ConsoleDump (0.6.0.1)

GROUP Build
NUGET
  remote: http://www.nuget.org/api/v2
    FAKE (4.37.2)
    FSharp.Compiler.Service (2.0.0.6)
    FSharp.Formatting (2.14.4)
      FSharp.Compiler.Service (2.0.0.6)
      FSharpVSPowerTools.Core (>= 2.3 < 2.4)
    FSharpVSPowerTools.Core (2.3)
      FSharp.Compiler.Service (>= 2.0.0.3)
    NuGet.CommandLine (3.4.3)
    NUnit.ConsoleRunner (3.4.1)
    NUnit.Extension.NUnitProjectLoader (3.4.1)
    NUnit.Extension.NUnitV2Driver (3.4.1)
    NUnit.Extension.NUnitV2ResultWriter (3.4.1)
    NUnit.Extension.TeamCityEventListener (1.0.1)
    NUnit.Extension.VSProjectLoader (3.4.1)
    NUnit.Runners (3.4.1)
      NUnit.ConsoleRunner (>= 3.4.1)
      NUnit.Extension.NUnitProjectLoader (>= 3.4.1)
      NUnit.Extension.NUnitV2Driver (>= 3.4.1)
      NUnit.Extension.NUnitV2ResultWriter (>= 3.4.1)
      NUnit.Extension.TeamCityEventListener (>= 1.0.1)
      NUnit.Extension.VSProjectLoader (>= 3.4.1)

GROUP Data
NUGET
  remote: http://www.nuget.org/api/v2
    MathNet.Numerics (3.0)

GROUP Test
NUGET
  remote: http://www.nuget.org/api/v2
    FSharp.Core (4.0.0.1)
    NUnit (3.4.1)
